GEM
  remote: https://rubygems.org/
  specs:
    ffi (1.17.1)

PLATFORMS
  x86_64-linux

DEPENDENCIES
  ffi (~> 1.17, >= 1.17.1)

RUBY VERSION
   ruby 3.0.2p107

BUNDLED WITH
   2.2.22
